NUGET
  remote: https://www.nuget.org/api/v2
    FAKE (4.64.12)
    NUnit (2.6.4)
    NUnit.Runners (2.6.4)
    RhinoMocks (3.6.1)
